GIT
  remote: https://github.com/bitboxer/exogenesis.git
  revision: 45764e26519f89d54782ab955497c63a0e30c99a
  specs:
    exogenesis (0.2.0)

GEM
  remote: https://rubygems.org/
  specs:
    rake (10.1.1)

PLATFORMS
  ruby

DEPENDENCIES
  exogenesis!
  rake
