PATH
  remote: ../exogenesis
  specs:
    exogenesis (0.2.0)

GEM
  remote: https://rubygems.org/
  specs:
    rake (10.1.1)

PLATFORMS
  ruby

DEPENDENCIES
  exogenesis!
  rake
