GIT
  remote: https://github.com/bitboxer/exogenesis.git
  revision: f60927aa75c98136f205325cce8be24a8a1e5ea4
  specs:
    exogenesis (0.2.0)

GEM
  remote: https://rubygems.org/
  specs:
    rake (10.1.1)

PLATFORMS
  ruby

DEPENDENCIES
  exogenesis!
  rake
