GIT
  remote: https://github.com/bitboxer/exogenesis.git
  revision: e678a2d4c4ff344c6acc0c965f459855221b9132
  specs:
    exogenesis (0.2.0)

GEM
  remote: https://rubygems.org/
  specs:
    rake (10.1.1)

PLATFORMS
  ruby

DEPENDENCIES
  exogenesis!
  rake
