GIT
  remote: https://github.com/moonglum/exogenesis.git
  revision: 7797d032e7850afe7cd8c4a80d4d22f8b0f54f6a
  specs:
    exogenesis (0.0.1)

GEM
  specs:
    rake (10.0.3)

PLATFORMS
  ruby

DEPENDENCIES
  exogenesis!
  rake
