GIT
  remote: https://github.com/bitboxer/exogenesis.git
  revision: cb1224582e6fc44cdc2a44954f423ed8fe0e8aad
  specs:
    exogenesis (0.2.0)

GEM
  remote: https://rubygems.org/
  specs:
    rake (10.1.1)

PLATFORMS
  ruby

DEPENDENCIES
  exogenesis!
  rake
