PATH
  remote: ../
  specs:
    exogenesis (0.1.0)

GEM
  specs:
    rake (10.0.3)

PLATFORMS
  ruby

DEPENDENCIES
  exogenesis!
  rake
